GEM
  remote: https://rubygems.org/
  specs:
    activesupport (4.2.0)
      i18n (~> 0.7)
      json (~> 1.7, >= 1.7.7)
      minitest (~> 5.1)
      thread_safe (~> 0.3, >= 0.3.4)
      tzinfo (~> 1.1)
    i18n (0.7.0)
    json (1.8.2)
    mailjet (1.0.2)
      activesupport (>= 3.1.0)
      rack (>= 1.4.0)
      rest-client
    mime-types (2.4.3)
    minitest (5.5.1)
    netrc (0.10.3)
    rack (1.5.2)
    rack-protection (1.5.3)
      rack
    rest-client (1.7.3)
      mime-types (>= 1.16, < 3.0)
      netrc (~> 0.7)
    sinatra (1.4.5)
      rack (~> 1.4)
      rack-protection (~> 1.4)
      tilt (~> 1.3, >= 1.3.4)
    sinatra-cross_origin (0.3.2)
    thread_safe (0.3.4)
    tilt (1.4.1)
    tzinfo (1.2.2)
      thread_safe (~> 0.1)

PLATFORMS
  ruby

DEPENDENCIES
  json
  mailjet
  rack (= 1.5.2)
  sinatra (~> 1.4.5)
  sinatra-cross_origin (~> 0.3.1)
